PATH
  remote: .
  specs:
    attachment_saver (1.6.0)
      activerecord
      mimemagic

GEM
  remote: http://rubygems.org/
  specs:
    RubyInline (3.12.4)
      ZenTest (~> 4.3)
    ZenTest (4.11.2)
    activemodel (6.1.3)
      activesupport (= 6.1.3)
    activerecord (6.1.3)
      activemodel (= 6.1.3)
      activesupport (= 6.1.3)
    activesupport (6.1.3)
      concurrent-ruby (~> 1.0, >= 1.0.2)
      i18n (>= 1.6, < 2)
      minitest (>= 5.1)
      tzinfo (~> 2.0)
      zeitwerk (~> 2.3)
    concurrent-ruby (1.1.8)
    gdk_pixbuf2 (3.3.6)
      gio2 (= 3.3.6)
    gio2 (3.3.6)
      gobject-introspection (= 3.3.6)
    glib2 (3.3.6)
      native-package-installer (>= 1.0.3)
      pkg-config (>= 1.3.5)
    gobject-introspection (3.3.6)
      glib2 (= 3.3.6)
    i18n (1.8.9)
      concurrent-ruby (~> 1.0)
    image_science (1.3.0)
      RubyInline (~> 3.9)
    image_size (2.0.2)
    metaclass (0.0.4)
    mimemagic (0.3.3)
    mini_magick (4.9.5)
    minitest (5.14.4)
    mocha (1.9.0)
      metaclass (~> 0.0.1)
    native-package-installer (1.0.7)
    pkg-config (1.3.7)
    rake (12.3.3)
    rmagick (4.0.0)
    sqlite3 (1.4.1)
    tzinfo (2.0.4)
      concurrent-ruby (~> 1.0)
    zeitwerk (2.4.2)

PLATFORMS
  ruby

DEPENDENCIES
  activerecord
  attachment_saver!
  gdk_pixbuf2
  image_science
  image_size
  mini_magick
  mocha
  rake
  rmagick
  sqlite3

BUNDLED WITH
   1.16.4
