PATH
  remote: .
  specs:
    attachment_saver (1.3.0)
      activerecord
      mimemagic

GEM
  remote: http://rubygems.org/
  specs:
    RubyInline (3.12.4)
      ZenTest (~> 4.3)
    ZenTest (4.11.1)
    activemodel (5.2.0.beta2)
      activesupport (= 5.2.0.beta2)
    activerecord (5.2.0.beta2)
      activemodel (= 5.2.0.beta2)
      activesupport (= 5.2.0.beta2)
      arel (>= 9.0)
    activesupport (5.2.0.beta2)
      concurrent-ruby (~> 1.0, >= 1.0.2)
      i18n (~> 0.7)
      minitest (~> 5.1)
      tzinfo (~> 1.1)
    arel (9.0.0)
    concurrent-ruby (1.0.5)
    i18n (0.9.1)
      concurrent-ruby (~> 1.0)
    image_science (1.3.0)
      RubyInline (~> 3.9)
    image_size (1.5.0)
    metaclass (0.0.4)
    mimemagic (0.3.2)
    mini_magick (4.8.0)
    minitest (5.11.0)
    mocha (1.3.0)
      metaclass (~> 0.0.1)
    rake (12.3.0)
    rmagick (2.16.0)
    sqlite3 (1.3.13)
    thread_safe (0.3.6)
    tzinfo (1.2.4)
      thread_safe (~> 0.1)

PLATFORMS
  ruby

DEPENDENCIES
  activerecord
  attachment_saver!
  image_science
  image_size
  mini_magick
  mocha
  rake
  rmagick
  sqlite3

BUNDLED WITH
   1.16.1
